GEM
  remote: https://rubygems.org/
  specs:
    ast (2.2.0)
    atk (3.0.7)
      glib2 (= 3.0.7)
    cairo (1.14.3)
      pkg-config (>= 1.1.5)
    cairo-gobject (3.0.7)
      cairo
      glib2 (= 3.0.7)
    gdk3 (3.0.7)
      cairo-gobject (= 3.0.7)
      gdk_pixbuf2 (= 3.0.7)
      gobject-introspection (= 3.0.7)
      pango (= 3.0.7)
    gdk_pixbuf2 (3.0.7)
      glib2 (= 3.0.7)
    gio2 (3.0.7)
      glib2 (= 3.0.7)
      gobject-introspection (= 3.0.7)
    glib2 (3.0.7)
      pkg-config
    gnuplot (2.6.2)
    gobject-introspection (3.0.7)
      glib2 (= 3.0.7)
    gtk3 (3.0.7)
      atk (= 3.0.7)
      gdk3 (= 3.0.7)
      gdk_pixbuf2 (= 3.0.7)
      gio2 (= 3.0.7)
      glib2 (= 3.0.7)
      gobject-introspection (= 3.0.7)
      pango (= 3.0.7)
    pango (3.0.7)
      cairo (>= 1.14.0)
      glib2 (= 3.0.7)
    parser (2.3.1.2)
      ast (~> 2.2)
    pkg-config (1.1.7)
    powerpack (0.1.1)
    rainbow (2.1.0)
    rubocop (0.40.0)
      parser (>= 2.3.1.0, < 3.0)
      powerpack (~> 0.1)
      rainbow (>= 1.99.1, < 3.0)
      ruby-progressbar (~> 1.7)
      unicode-display_width (~> 1.0, >= 1.0.1)
    ruby-ole (1.2.12)
    ruby-progressbar (1.8.1)
    spreadsheet (1.1.1)
      ruby-ole (>= 1.0)
    unicode-display_width (1.0.5)

PLATFORMS
  ruby

DEPENDENCIES
  gnuplot (= 2.6.2)
  gtk3 (= 3.0.7)
  rubocop
  spreadsheet (= 1.1.1)

BUNDLED WITH
   1.12.5
